GEM
  remote: https://rubygems.org/
  specs:
    CFPropertyList (2.0.17)
      libxml-ruby (>= 1.1.0)
      rake (>= 0.7.0)
    Platform (0.4.0)
    ansi (1.3.0)
    awesome_print (1.2.0)
    builder (3.2.2)
    childprocess (0.5.3)
      ffi (~> 1.0, >= 1.0.11)
    configatron (3.2.0)
    diff-lcs (1.2.5)
    excon (0.37.0)
    falkorlib (0.2.10)
      awesome_print (~> 1.2)
      configatron (~> 3.2)
      git_remote_branch (~> 0)
      minigit (~> 0)
      rake (~> 10.1, >= 10.1.0)
      term-ansicolor (~> 1.3)
    ffi (1.9.3)
    fission (0.4.0)
      CFPropertyList (~> 2.0.17)
    fog (1.22.1)
      fog-brightbox
      fog-core (~> 1.22)
      fog-json
      ipaddress (~> 0.5)
      nokogiri (~> 1.5, >= 1.5.11)
    fog-brightbox (0.1.1)
      fog-core (~> 1.22)
      fog-json
      inflecto
    fog-core (1.22.0)
      builder
      excon (~> 0.33)
      formatador (~> 0.2)
      mime-types
      net-scp (~> 1.1)
      net-ssh (>= 2.1.3)
    fog-json (1.0.0)
      multi_json (~> 1.0)
    formatador (0.2.5)
    git_remote_branch (0.3.8)
    grit (2.5.0)
      diff-lcs (~> 1.1)
      mime-types (~> 1.15)
      posix-spawn (~> 0.3.6)
    highline (1.6.21)
    i18n (0.6.9)
    inflecto (0.0.2)
    ipaddress (0.8.0)
    json (1.8.1)
    libxml-ruby (2.7.0)
    mime-types (1.25.1)
    mini_portile (0.6.0)
    minigit (0.0.4)
    multi_json (1.10.1)
    net-scp (1.2.1)
      net-ssh (>= 2.6.5)
    net-ssh (2.9.1)
    nokogiri (1.6.2.1)
      mini_portile (= 0.6.0)
    open4 (1.3.4)
    os (0.9.6)
    popen4 (0.1.2)
      Platform (>= 0.4.0)
      open4 (>= 0.4.0)
    posix-spawn (0.3.8)
    progressbar (0.21.0)
    rake (10.3.2)
    ruby-vnc (1.0.1)
    term-ansicolor (1.3.0)
      tins (~> 1.0)
    thor (0.19.1)
    tins (1.3.0)
    veewee (0.3.12)
      ansi (~> 1.3.0)
      childprocess
      fission (= 0.4.0)
      fog (~> 1.8)
      grit
      highline
      i18n
      json
      net-ssh (>= 2.2.0)
      os (~> 0.9.6)
      popen4 (~> 0.1.2)
      progressbar
      ruby-vnc (~> 1.0.0)
      thor (~> 0.15)
    veewee-to-packer (0.3.0)

PLATFORMS
  ruby

DEPENDENCIES
  falkorlib
  veewee
  veewee-to-packer
